GEM
  remote: https://rubygems.org/
  specs:
    concurrent-ruby (1.1.10)
    cpf_utils (1.0.0)
    faker (2.23.0)
      i18n (>= 1.8.11, < 2)
    i18n (1.12.0)
      concurrent-ruby (~> 1.0)
    tty-progressbar (0.10.1)
      tty-screen (~> 0.5.0)
    tty-screen (0.5.1)

PLATFORMS
  x86_64-linux

DEPENDENCIES
  cpf_utils
  faker
  tty-progressbar

BUNDLED WITH
   2.2.22
